GEM
  remote: https://rubygems.org/
  specs:
    byebug (11.0.1)
    sqlite3 (1.4.2)

PLATFORMS
  ruby

DEPENDENCIES
  byebug
DEPENDENCIES
  byebug
DEPENDENCIES
  byebug
DEPENDENCIES
  byebug
  sqlite3

BUNDLED WITH
   2.1.1
